GEM
  remote: https://rubygems.org/
  specs:
    addressable (2.3.8)
    colorator (1.1.0)
    colored (1.2)
    ethon (0.8.0)
      ffi (>= 1.3.0)
    ffi (1.9.10)
    forwardable-extended (2.6.0)
    html-proofer (2.5.2)
      addressable (~> 2.3)
      colored (~> 1.2)
      mercenary (~> 0.3.2)
      nokogiri (~> 1.5)
      parallel (~> 1.3)
      typhoeus (~> 0.7)
      yell (~> 2.0)
    i18n (0.7.0)
    jekyll (3.2.1)
      colorator (~> 1.0)
      jekyll-sass-converter (~> 1.0)
      jekyll-watch (~> 1.1)
      kramdown (~> 1.3)
      liquid (~> 3.0)
      mercenary (~> 0.3.3)
      pathutil (~> 0.9)
      rouge (~> 1.7)
      safe_yaml (~> 1.0)
    jekyll-sass-converter (1.3.0)
      sass (~> 3.2)
    jekyll-watch (1.5.0)
      listen (~> 3.0, < 3.1)
    json (1.8.3)
    kramdown (1.12.0)
    libv8 (3.16.14.13)
    liquid (3.0.6)
    listen (3.0.8)
      rb-fsevent (~> 0.9, >= 0.9.4)
      rb-inotify (~> 0.9, >= 0.9.7)
    mercenary (0.3.5)
    mini_portile (0.6.2)
    nokogiri (1.6.6.4)
      mini_portile (~> 0.6.0)
    parallel (1.6.1)
    pathutil (0.14.0)
      forwardable-extended (~> 2.6)
    rb-fsevent (0.9.7)
    rb-inotify (0.9.7)
      ffi (>= 0.5.0)
    ref (2.0.0)
    rouge (1.11.1)
    safe_yaml (1.0.4)
    sass (3.4.19)
    therubyracer (0.12.2)
      libv8 (~> 3.16.14.0)
      ref
    typhoeus (0.8.0)
      ethon (>= 0.8.0)
    yell (2.0.5)

PLATFORMS
  ruby

DEPENDENCIES
  html-proofer
  i18n
  jekyll (= 3.2.1)
  jekyll-sass-converter
  json
  sass
  therubyracer

BUNDLED WITH
   1.13.1
